GEM
  remote: http://rubygems.org/
  specs:
    color (1.4.1)
    crack (0.1.8)
    fastercsv (1.5.3)
    hashie (0.4.0)
    hoe (2.6.2)
      rake (>= 0.8.7)
      rubyforge (>= 2.0.4)
    hpricot (0.8.2)
    httparty (0.6.1)
      crack (= 0.1.8)
    json_pure (1.4.6)
    little-plugger (1.1.2)
    logging (1.4.3)
      little-plugger (>= 1.1.2)
    multi_json (0.0.4)
    oauth (0.4.3)
    ohm (0.0.38)
      redis (>= 1.0.4)
    pdf-writer (1.1.8)
      color (>= 1.4.0)
      transaction-simple (~> 1.3)
    rake (0.8.7)
    redis (2.0.10)
    rspec (1.3.0)
    rspec_hpricot_matchers (1.0)
    rubyforge (2.0.4)
      json_pure (>= 1.1.7)
    ruport (1.6.3)
      fastercsv
      pdf-writer (= 1.1.8)
    transaction-simple (1.4.0)
      hoe (>= 1.1.7)
    twitter (0.9.12)
      hashie (~> 0.4.0)
      httparty (~> 0.6.1)
      multi_json (~> 0.0.4)
      oauth (~> 0.4.3)

PLATFORMS
  ruby

DEPENDENCIES
  color
  hpricot
  logging
  ohm (= 0.0.38)
  redis
  rspec
  rspec_hpricot_matchers
  ruport
  twitter
